GEM
  specs:
    awesome_print (1.9.2)
    bson (4.12.0)
    coderay (1.1.3)
    method_source (1.0.0)
    mongo (2.14.0)
      bson (>= 4.8.2, < 5.0.0)
    pry (0.14.1)
      coderay (~> 1.1)
      method_source (~> 1.0)

PLATFORMS
  x86_64-linux

DEPENDENCIES
  awesome_print
  mongo
  pry

BUNDLED WITH
   2.2.23
